GEM
  remote: https://rubygems.org/
  specs:
    mustermann (1.0.3)
    pg (1.1.4)
    rack (2.0.7)
    rack-protection (2.0.7)
      rack
    rake (13.0.1)
    sinatra (2.0.7)
      mustermann (~> 1.0)
      rack (~> 2.0)
      rack-protection (= 2.0.7)
      tilt (~> 2.0)
    sinatra-flash (0.3.0)
      sinatra (>= 1.0.0)
    tilt (2.0.10)

PLATFORMS
  ruby

DEPENDENCIES
  pg
  rake
  sinatra
  sinatra-flash

BUNDLED WITH
   1.17.3
